GEM
  remote: http://rubygems.org/
  specs:
    ZenTest (4.5.0)
    csspool (2.0.0)
      ffi
    ffi (1.0.7)
      rake (>= 0.8.7)
    nokogiri (1.3.2)
    rake (0.8.7)
    rcov (0.9.9)

PLATFORMS
  ruby

DEPENDENCIES
  ZenTest
  csspool (= 2.0.0)
  nokogiri (= 1.3.2)
  rcov
